PATH
  remote: .
  specs:
    birdsong (0.1.0)
      oauth (~> 0.5.6)
      typhoeus (~> 1.4.0)

GEM
  remote: https://rubygems.org/
  specs:
    actionpack (7.0.1)
      actionview (= 7.0.1)
      activesupport (= 7.0.1)
      rack (~> 2.0, >= 2.2.0)
      rack-test (>= 0.6.3)
      rails-dom-testing (~> 2.0)
      rails-html-sanitizer (~> 1.0, >= 1.2.0)
    actionview (7.0.1)
      activesupport (= 7.0.1)
      builder (~> 3.1)
      erubi (~> 1.4)
      rails-dom-testing (~> 2.0)
      rails-html-sanitizer (~> 1.1, >= 1.2.0)
    activesupport (7.0.1)
      concurrent-ruby (~> 1.0, >= 1.0.2)
      i18n (>= 1.6, < 2)
      minitest (>= 5.1)
      tzinfo (~> 2.0)
    ast (2.4.2)
    builder (3.2.4)
    byebug (11.1.3)
    concurrent-ruby (1.1.9)
    crass (1.0.6)
    dotenv (2.7.6)
    erubi (1.10.0)
    ethon (0.15.0)
      ffi (>= 1.15.0)
    ffi (1.15.5)
    i18n (1.9.1)
      concurrent-ruby (~> 1.0)
    loofah (2.13.0)
      crass (~> 1.0.2)
      nokogiri (>= 1.5.9)
    method_source (1.0.0)
    minitest (5.15.0)
    nokogiri (1.13.1-arm64-darwin)
      racc (~> 1.4)
    nokogiri (1.13.1-x86_64-darwin)
      racc (~> 1.4)
    nokogiri (1.13.1-x86_64-linux)
      racc (~> 1.4)
    oauth (0.5.8)
    parallel (1.21.0)
    parser (3.1.0.0)
      ast (~> 2.4.1)
    racc (1.6.0)
    rack (2.2.3)
    rack-test (1.1.0)
      rack (>= 1.0, < 3)
    rails-dom-testing (2.0.3)
      activesupport (>= 4.2.0)
      nokogiri (>= 1.6)
    rails-html-sanitizer (1.4.2)
      loofah (~> 2.3)
    railties (7.0.1)
      actionpack (= 7.0.1)
      activesupport (= 7.0.1)
      method_source
      rake (>= 12.2)
      thor (~> 1.0)
      zeitwerk (~> 2.5)
    rainbow (3.1.1)
    rake (13.0.6)
    regexp_parser (2.2.0)
    rexml (3.2.5)
    rubocop (1.25.1)
      parallel (~> 1.10)
      parser (>= 3.1.0.0)
      rainbow (>= 2.2.2, < 4.0)
      regexp_parser (>= 1.8, < 3.0)
      rexml
      rubocop-ast (>= 1.15.1, < 2.0)
      ruby-progressbar (~> 1.7)
      unicode-display_width (>= 1.4.0, < 3.0)
    rubocop-ast (1.15.1)
      parser (>= 3.0.1.1)
    rubocop-minitest (0.17.1)
      rubocop (>= 0.90, < 2.0)
    rubocop-packaging (0.5.1)
      rubocop (>= 0.89, < 2.0)
    rubocop-performance (1.13.2)
      rubocop (>= 1.7.0, < 2.0)
      rubocop-ast (>= 0.4.0)
    rubocop-rails (2.9.1)
      activesupport (>= 4.2.0)
      rack (>= 1.1)
      rubocop (>= 0.90.0, < 2.0)
    rubocop-rails_config (1.8.1)
      railties (>= 5.0)
      rubocop (>= 1.19)
      rubocop-ast (>= 1.0.1)
      rubocop-minitest (~> 0.15)
      rubocop-packaging (~> 0.5)
      rubocop-performance (~> 1.11)
      rubocop-rails (~> 2.0)
    ruby-progressbar (1.11.0)
    thor (1.2.1)
    typhoeus (1.4.0)
      ethon (>= 0.9.0)
    tzinfo (2.0.4)
      concurrent-ruby (~> 1.0)
    unicode-display_width (2.1.0)
    zeitwerk (2.5.4)

PLATFORMS
  arm64-darwin-21
  arm64-darwin-22
  x86_64-darwin-20
  x86_64-linux

DEPENDENCIES
  birdsong!
  byebug
  dotenv
  minitest
  rake
  rubocop
  rubocop-performance
  rubocop-rails
  rubocop-rails_config

BUNDLED WITH
   2.3.3
